GEM
  remote: https://rubygems.org/
  remote: https://rails-assets.org/
  specs:
<<<<<<< HEAD
    concurrent-ruby (1.0.5)
    ffi (1.9.18)
    hike (1.2.3)
    inesita (0.6.1)
      listen (~> 3.0)
      opal (>= 0.9, < 0.11)
      opal-virtual-dom (~> 0.5.0)
=======
    ast (2.4.0)
    concurrent-ruby (1.0.5)
    ffi (1.9.25)
    hike (1.2.3)
    inesita (0.8.1)
      listen (~> 3.0)
      opal (>= 0.10.4, < 0.12)
      opal-sprockets (~> 0)
      opal-virtual-dom (~> 0.6.0)
>>>>>>> Update inesita
      rack-rewrite (~> 1.5)
      thor (~> 0.19)
    inesita-livereload (0.1.0)
      listen (~> 3.0)
      opal (~> 0.9)
      websocket (~> 1.0)
<<<<<<< HEAD
    inesita-router (0.1.0)
      inesita (~> 0.6.0)
      opal (~> 0.10)
=======
    inesita-router (0.2.1)
      inesita (~> 0.8.0)
>>>>>>> Update inesita
    listen (3.1.5)
      rb-fsevent (~> 0.9, >= 0.9.4)
      rb-inotify (~> 0.9, >= 0.9.7)
      ruby_dep (~> 1.2)
<<<<<<< HEAD
    opal (0.10.5)
=======
    opal (0.11.1)
      ast (>= 2.3.0)
>>>>>>> Update inesita
      hike (~> 1.2)
      parser (= 2.3.3.1)
      sourcemap (~> 0.1.0)
    opal-browser (0.2.0)
      opal
      paggio
<<<<<<< HEAD
    opal-virtual-dom (0.5.1)
      opal
    paggio (0.2.6)
    rack (2.0.3)
    rack-rewrite (1.5.1)
    rails-assets-todomvc-app-css (2.1.0)
    rails-assets-todomvc-common (1.0.4)
    rb-fsevent (0.10.2)
    rb-inotify (0.9.10)
      ffi (>= 0.5.0, < 2)
    ruby_dep (1.5.0)
    sass (3.5.2)
=======
    opal-sprockets (0.4.1.0.11.0.3.1)
      opal (~> 0.11.0)
      sprockets (~> 3.1)
      tilt (>= 1.4)
    opal-virtual-dom (0.6.0)
      opal (~> 0)
    paggio (0.2.6)
    parser (2.3.3.1)
      ast (~> 2.2)
    rack (2.0.5)
    rack-rewrite (1.5.1)
    rails-assets-todomvc-app-css (2.1.2)
    rails-assets-todomvc-common (1.0.5)
    rb-fsevent (0.10.3)
    rb-inotify (0.9.10)
      ffi (>= 0.5.0, < 2)
    ruby_dep (1.5.0)
    sass (3.5.7)
>>>>>>> Update inesita
      sass-listen (~> 4.0.0)
    sass-listen (4.0.0)
      rb-fsevent (~> 0.9, >= 0.9.4)
      rb-inotify (~> 0.9, >= 0.9.7)
<<<<<<< HEAD
    slim (3.0.8)
      temple (>= 0.7.6, < 0.9)
      tilt (>= 1.3.3, < 2.1)
    sourcemap (0.1.1)
    sprockets (3.7.1)
=======
    slim (3.0.9)
      temple (>= 0.7.6, < 0.9)
      tilt (>= 1.3.3, < 2.1)
    sourcemap (0.1.1)
    sprockets (3.7.2)
>>>>>>> Update inesita
      concurrent-ruby (~> 1.0)
      rack (> 1, < 3)
    temple (0.8.0)
    thor (0.20.0)
    tilt (2.0.8)
<<<<<<< HEAD
    websocket (1.2.4)
=======
    websocket (1.2.8)
>>>>>>> Update inesita

PLATFORMS
  ruby

DEPENDENCIES
  inesita
  inesita-livereload
  inesita-router
  opal-browser
  rails-assets-todomvc-app-css!
  rails-assets-todomvc-common!
  sass
  slim

BUNDLED WITH
<<<<<<< HEAD
   1.15.3
=======
   1.16.1
>>>>>>> Update inesita
