GIT
  remote: git://github.com/opal/opal.git
  revision: 916ec1f4a7417c20008439fc30d55f46f1482ad7
  specs:
    opal (0.9.0.dev)
      hike (~> 1.2)
      sourcemap (~> 0.1.0)
      sprockets (~> 3.1)
      tilt (>= 1.4)

PATH
  remote: /Users/fazibear/dev/inesita
  specs:
    inesita (0.0.12)
      opal (~> 0.8)
      opal-virtual-dom (~> 0.0.5)
      rack-rewrite (~> 1.5)
      sass (~> 3.4)
      slim (~> 3.0)
      thor (~> 0.19)

GEM
  remote: https://rubygems.org/
  remote: https://rails-assets.org/
  specs:
    hike (1.2.3)
    opal-browser (0.2.0)
      opal
      paggio
    opal-virtual-dom (0.0.5)
      opal
    paggio (0.2.4)
    rack (1.6.4)
    rack-rewrite (1.5.1)
    rails-assets-todomvc-app-css (2.0.1)
    rails-assets-todomvc-common (1.0.2)
    rails-assets-virtual-dom (2.1.1)
    sass (3.4.19)
    slim (3.0.6)
      temple (~> 0.7.3)
      tilt (>= 1.3.3, < 2.1)
    sourcemap (0.1.1)
    sprockets (3.2.0)
      rack (~> 1.0)
    temple (0.7.6)
    thor (0.19.1)
    tilt (2.0.1)

PLATFORMS
  ruby

DEPENDENCIES
  inesita!
  opal!
  opal-browser
  rails-assets-todomvc-app-css!
  rails-assets-todomvc-common!
  rails-assets-virtual-dom!

BUNDLED WITH
   1.10.6
